GEM
  remote: http://rubygems.org/
  specs:
    RedCloth (4.2.7)
    activesupport (2.3.11)
    diff-lcs (1.1.2)
    hoe (2.9.1)
      rake (>= 0.8.7)
    i18n (0.5.0)
    newgem (1.5.3)
      RedCloth (>= 4.1.1)
      activesupport (~> 2.3.4)
      hoe (>= 2.4.0)
      rubigen (>= 1.5.3)
      syntax (>= 1.0.0)
    rake (0.8.7)
    rdoc (3.5.3)
    rspec (2.5.0)
      rspec-core (~> 2.5.0)
      rspec-expectations (~> 2.5.0)
      rspec-mocks (~> 2.5.0)
    rspec-core (2.5.1)
    rspec-expectations (2.5.0)
      diff-lcs (~> 1.1.2)
    rspec-mocks (2.5.0)
    rubigen (1.5.6)
      activesupport (>= 2.3.5)
      i18n
    syntax (1.0.0)

PLATFORMS
  ruby

DEPENDENCIES
  hoe (>= 2.7.0)
  newgem (>= 1.5.3)
  rdoc (>= 3.2)
  rspec (>= 2.5)
