GEM
  remote: http://rubygems.org/
  specs:
    RedCloth (4.3.2)
    activesupport (2.3.18)
    diff-lcs (1.1.2)
    hoe (4.0.1)
      rake (>= 0.8, < 15.0)
    json (1.5.1)
    newgem (1.5.3)
      RedCloth (>= 4.1.1)
      activesupport (~> 2.3.4)
      hoe (>= 2.4.0)
      rubigen (>= 1.5.3)
      syntax (>= 1.0.0)
    rake (13.0.6)
    rdoc (3.5.3)
    rspec (2.5.0)
      rspec-core (~> 2.5.0)
      rspec-expectations (~> 2.5.0)
      rspec-mocks (~> 2.5.0)
    rspec-core (2.5.1)
    rspec-expectations (2.5.0)
      diff-lcs (~> 1.1.2)
    rspec-mocks (2.5.0)
    rubigen (1.5.8)
      activesupport (>= 2.3.5, < 3.2.0)
    syntax (1.2.2)

PLATFORMS
  ruby

DEPENDENCIES
  hoe (>= 2.7.0)
  json
  newgem (>= 1.5.3)
  rdoc (>= 3.2)
  rspec (>= 2.5)

BUNDLED WITH
   2.1.4
